GEM
  remote: http://rubygems.org/
  specs:
    fakeweb (1.3.0)

PLATFORMS
  ruby

DEPENDENCIES
  fakeweb
