GEM
  remote: https://rubygems.org/
  specs:
    fakeweb (1.3.0)
    metaclass (0.0.1)
    minitest (4.7.4)
    minitest-rg (1.1.0)
    mocha (0.14.0)
      metaclass (~> 0.0.1)
    rake (0.9.2.2)
    yajl-ruby (0.8.2)

PLATFORMS
  ruby

DEPENDENCIES
  fakeweb
  minitest (~> 4.0)
  minitest-rg
  mocha (~> 0.13)
  rake
  yajl-ruby
