GEM
  remote: http://rubygems.org/
  specs:
    fakeweb (1.3.0)
    minitest (2.6.0)
    yajl-ruby (0.8.2)

PLATFORMS
  ruby

DEPENDENCIES
  fakeweb
  minitest
  yajl-ruby
