GEM
  remote: http://rubygems.org/
  specs:
    fakeweb (1.3.0)
    rake (0.9.2.2)
    yajl-ruby (0.8.2)

PLATFORMS
  ruby

DEPENDENCIES
  fakeweb
  rake
  yajl-ruby
