GEM
  remote: http://rubygems.org/
  specs:
    fakeweb (1.3.0)
    minitest (4.4.0)
    minitest-rg (1.1.0)
    rake (0.9.2.2)
    yajl-ruby (0.8.2)

PLATFORMS
  ruby

DEPENDENCIES
  fakeweb
  minitest
  minitest-rg
  rake
  yajl-ruby
