GEM
  remote: https://rubygems.org/
  specs:
    addressable (2.4.0)
    bump (0.4.2)
    crack (0.4.3)
      safe_yaml (~> 1.0.0)
    hashdiff (0.2.3)
    metaclass (0.0.1)
    minitest (4.7.4)
    minitest-rg (1.1.0)
    mocha (0.14.0)
      metaclass (~> 0.0.1)
    rake (0.9.2.2)
    safe_yaml (1.0.4)
    webmock (1.22.6)
      addressable (>= 2.3.6)
      crack (>= 0.3.2)
      hashdiff

PLATFORMS
  ruby

DEPENDENCIES
  bump
  minitest (~> 4.0)
  minitest-rg
  mocha (~> 0.13)
  rake
  webmock

BUNDLED WITH
   1.11.2
